GIT
  remote: https://github.com/tekacs/combo-client-ruby
  revision: 028c5376a65bdee42e2f667f789d53c1aa8e3382
  specs:
    comboclient (0.0.1)
      httparty (~> 0.13, >= 0.13.1)

GEM
  remote: https://rubygems.org/
  specs:
    htmlentities (4.3.2)
    httparty (0.13.3)
      json (~> 1.8)
      multi_xml (>= 0.5.2)
    json (1.8.1)
    multi_xml (0.5.5)
    rack (1.5.2)
    rack-protection (1.5.3)
      rack
    sinatra (1.4.5)
      rack (~> 1.4)
      rack-protection (~> 1.4)
      tilt (~> 1.3, >= 1.3.4)
    state_machine (1.2.0)
    tilt (1.4.1)

PLATFORMS
  ruby

DEPENDENCIES
  comboclient!
  htmlentities
  httparty
  json
  sinatra
  state_machine
